GEM
  remote: https://rubygems.org/
  specs:
    connection_pool (2.2.2)
    faktory_worker_ruby (0.7.1)
      connection_pool (~> 2.2, >= 2.2.1)

PLATFORMS
  ruby

DEPENDENCIES
  faktory_worker_ruby (~> 0.7.1)

BUNDLED WITH
   1.16.1
